GEM
  remote: https://rubygems.org/
  specs:
    addressable (2.3.3)
    arduino_firmata (0.2.7)
      args_parser (>= 0.1.2)
      event_emitter (>= 0.2.2)
      serialport (>= 1.1.0)
    args_parser (0.1.4)
    backports (3.1.1)
    daemons (1.1.9)
    em-websocket (0.5.0)
      eventmachine (>= 0.12.9)
      http_parser.rb (~> 0.5.3)
    em-websocket-client (0.1.1)
      eventmachine
      libwebsocket
    event_emitter (0.2.3)
    eventmachine (1.0.3)
    foreman (0.62.0)
      thor (>= 0.13.6)
    haml (4.0.0)
      tilt
    http_parser.rb (0.5.3)
    httparty (0.10.2)
      multi_json (~> 1.0)
      multi_xml (>= 0.5.2)
    json (1.7.7)
    libwebsocket (0.1.7.1)
      addressable
      websocket
    logger (1.2.8)
    multi_json (1.7.1)
    multi_xml (0.5.3)
    rack (1.5.2)
    rack-protection (1.5.0)
      rack
    rack-test (0.6.2)
      rack (>= 1.0)
    sass (3.2.7)
    serialport (1.1.0)
    sinatra (1.3.6)
      rack (~> 1.4)
      rack-protection (~> 1.3)
      tilt (~> 1.3, >= 1.3.3)
    sinatra-cometio (0.3.8)
      event_emitter (~> 0.2)
      eventmachine (>= 1.0.0)
      httparty (>= 0.10.2)
      json (>= 1.7.0)
      sinatra (>= 1.3.0)
      sinatra-contrib (>= 1.3.2)
    sinatra-contrib (1.3.2)
      backports (>= 2.0)
      eventmachine
      rack-protection
      rack-test
      sinatra (~> 1.3.0)
      tilt (~> 1.3)
    sinatra-rocketio (0.0.8)
      event_emitter (>= 0.2.3)
      eventmachine (>= 1.0.0)
      sinatra
      sinatra-cometio (>= 0.3.8)
      sinatra-websocketio (>= 0.1.6)
    sinatra-websocketio (0.1.6)
      em-websocket (>= 0.5.0)
      em-websocket-client (>= 0.1.1)
      event_emitter (~> 0.2)
      eventmachine (>= 1.0.0)
      json (>= 1.7.0)
      sinatra (>= 1.3.0)
      sinatra-contrib (>= 1.3.2)
    thin (1.5.1)
      daemons (>= 1.0.9)
      eventmachine (>= 0.12.6)
      rack (>= 1.0.0)
    thor (0.17.0)
    tilt (1.3.6)
    websocket (1.0.7)

PLATFORMS
  ruby

DEPENDENCIES
  arduino_firmata
  foreman
  haml
  json
  logger
  sass
  sinatra
  sinatra-rocketio
  thin
